GEM
  remote: https://rubygems.org/
  specs:
    addressable (2.3.5)
    aquarium (0.5.1)
    browsermob-proxy (0.1.8)
      childprocess (~> 0.5)
      har
      multi_json (~> 1.0)
      rest-client
    builder (3.2.2)
    capybara (2.2.1)
      mime-types (>= 1.16)
      nokogiri (>= 1.3.3)
      rack (>= 1.0.0)
      rack-test (>= 0.5.4)
      xpath (~> 2.0)
    capybara-screenshot (0.3.17)
      capybara (>= 1.0, < 3)
      launchy
    childprocess (0.5.1)
      ffi (~> 1.0, >= 1.0.11)
    diff-lcs (1.2.5)
    ffi (1.9.3)
    ffi (1.9.3-x86-mingw32)
    har (0.1.0)
      jschematic (>= 0.1.0)
      json
      launchy (>= 0.3.7)
    jschematic (0.1.0)
      addressable
    json (1.5.5)
    launchy (2.4.2)
      addressable (~> 2.3)
    mime-types (2.1)
    mini_portile (0.5.2)
    multi_json (1.9.0)
    nokogiri (1.6.1)
      mini_portile (~> 0.5.0)
    nokogiri (1.6.1-x86-mingw32)
      mini_portile (~> 0.5.0)
    parallel (1.0.0)
    parallel_tests (0.16.10)
      parallel
    rack (1.5.2)
    rack-test (0.6.2)
      rack (>= 1.0)
    require_all (1.3.2)
    rest-client (1.6.7)
      mime-types (>= 1.16)
    rspec (2.14.1)
      rspec-core (~> 2.14.0)
      rspec-expectations (~> 2.14.0)
      rspec-mocks (~> 2.14.0)
    rspec-core (2.14.8)
    rspec-expectations (2.14.5)
      diff-lcs (>= 1.1.3, < 2.0)
    rspec-mocks (2.14.6)
    rubyzip (1.1.0)
    selenium-webdriver (2.40.0)
      childprocess (>= 0.5.0)
      multi_json (~> 1.0)
      rubyzip (~> 1.0)
      websocket (~> 1.0.4)
    site_prism (2.6)
      addressable (~> 2.3.3)
      capybara (>= 2.1, < 3.0)
    syntax (1.2.0)
    websocket (1.0.7)
    xpath (2.0.0)
      nokogiri (~> 1.3)

PLATFORMS
  ruby
  x86-mingw32

DEPENDENCIES
  aquarium
  browsermob-proxy
  builder
  capybara
  capybara-screenshot
  parallel_tests
  require_all
  rspec
  selenium-webdriver
  site_prism
  syntax
